GEM
  remote: https://rubygems.org/
  specs:
    graphql (2.0.24)
    minitest (5.18.1)
    rake (13.0.1)

PLATFORMS
  ruby

DEPENDENCIES
  graphql (~> 2.0.0)
  minitest
  rake

BUNDLED WITH
   2.1.4
