PATH
  remote: .
  specs:
    kickplan-sdk (0.1.0)
      concurrent-ruby (>= 1.0)
      dry-configurable (>= 0.15)
      dry-core (>= 1.0)
      faraday (>= 2.0)

GEM
  remote: https://rubygems.org/
  specs:
    coderay (1.1.3)
    concurrent-ruby (1.0.3)
    diff-lcs (1.5.0)
    dry-configurable (1.1.0)
      dry-core (~> 1.0, < 2)
      zeitwerk (~> 2.6)
    dry-core (1.0.1)
      concurrent-ruby (~> 1.0)
      zeitwerk (~> 2.6)
    faraday (2.7.10)
      faraday-net_http (>= 2.0, < 3.1)
      ruby2_keywords (>= 0.0.4)
    faraday-net_http (3.0.2)
    method_source (1.0.0)
    pry (0.14.2)
      coderay (~> 1.1)
      method_source (~> 1.0)
    rake (13.0.1)
    rspec (3.12.0)
      rspec-core (~> 3.12.0)
      rspec-expectations (~> 3.12.0)
      rspec-mocks (~> 3.12.0)
    rspec-core (3.12.2)
      rspec-support (~> 3.12.0)
    rspec-expectations (3.12.3)
      diff-lcs (>= 1.2.0, < 2.0)
      rspec-support (~> 3.12.0)
    rspec-mocks (3.12.6)
      diff-lcs (>= 1.2.0, < 2.0)
      rspec-support (~> 3.12.0)
    rspec-support (3.12.1)
    ruby2_keywords (0.0.5)
    zeitwerk (2.6.11)

PLATFORMS
  ruby

DEPENDENCIES
  bundler (~> 2.0)
  kickplan-sdk!
  pry (~> 0.14)
  rake (~> 13.0)
  rspec (~> 3.0)

BUNDLED WITH
   2.4.19
